GEM
  remote: https://rubygems.org/
  specs:
    rubyzip (1.2.3)
    zip (2.0.2)

PLATFORMS
  ruby

DEPENDENCIES
  rubyzip
  zip

BUNDLED WITH
   2.0.1
